GEM
  remote: http://rubygems.org/
  specs:
    blimpy (0.3.6)
      fog
      minitar
      thor
    builder (3.0.0)
    cucumber (1.2.1)
      builder (>= 2.1.2)
      diff-lcs (>= 1.1.3)
      gherkin (~> 2.11.0)
      json (>= 1.4.6)
    diff-lcs (1.1.3)
    excon (0.13.4)
    facter (1.6.10)
    fog (1.3.1)
      builder
      excon (~> 0.13.0)
      formatador (~> 0.2.0)
      mime-types
      multi_json (~> 1.0)
      net-scp (~> 1.0.4)
      net-ssh (>= 2.1.3)
      nokogiri (~> 1.5.0)
      ruby-hmac
    formatador (0.2.3)
    gherkin (2.11.0)
      json (>= 1.4.6)
    haml (3.1.6)
    json (1.7.3)
    mime-types (1.18)
    minitar (0.5.3)
    multi_json (1.3.6)
    net-scp (1.0.4)
      net-ssh (>= 1.99.1)
    net-ssh (2.5.2)
    nokogiri (1.5.4)
    parallel (0.5.17)
    parallel_tests (0.8.4)
      parallel
    puppet (2.7.16)
      facter (~> 1.5)
    rack (1.4.1)
    rack-protection (1.2.0)
      rack
    rspec (2.10.0)
      rspec-core (~> 2.10.0)
      rspec-expectations (~> 2.10.0)
      rspec-mocks (~> 2.10.0)
    rspec-core (2.10.1)
    rspec-expectations (2.10.0)
      diff-lcs (~> 1.1.3)
    rspec-mocks (2.10.1)
    rspec-puppet (0.1.3)
      rspec
    ruby-hmac (0.4.0)
    sinatra (1.3.2)
      rack (~> 1.3, >= 1.3.6)
      rack-protection (~> 1.2)
      tilt (~> 1.3, >= 1.3.3)
    tempdir (0.0.1)
    thor (0.15.3)
    tilt (1.3.3)

PLATFORMS
  ruby

DEPENDENCIES
  blimpy (~> 0.3)
  cucumber
  haml
  parallel_tests (>= 0.8.4)
  puppet
  rspec
  rspec-puppet
  sinatra
  tempdir
